PATH
  remote: .
  specs:
    inaction_mailer (0.6)

GEM
  remote: http://rubygems.org/
  specs:
    diff-lcs (1.1.3)
    metaclass (0.0.1)
    mocha (0.10.5)
      metaclass (~> 0.0.1)
    rake (12.3.3)
    rspec (2.9.0)
      rspec-core (~> 2.9.0)
      rspec-expectations (~> 2.9.0)
      rspec-mocks (~> 2.9.0)
    rspec-core (2.9.0)
    rspec-expectations (2.9.0)
      diff-lcs (~> 1.1.3)
    rspec-mocks (2.9.0)

PLATFORMS
  ruby

DEPENDENCIES
  inaction_mailer!
  mocha
  rake
  rspec
